PATH
  remote: .
  specs:
    xcpretty-yandex-money-formatter (1.0.1)
      xcpretty (~> 0.2, >= 0.0.7)

GEM
  remote: https://rubygems.org/
  specs:
    bacon (1.2.0)
    rake (10.3.2)    xcpretty (0.1.7)

PLATFORMS
  ruby

DEPENDENCIES
  bacon (~> 1.2)
  bundler (~> 1.3)
  rake
  xcpretty-yandex-money-formatter!
